PATH
  remote: ~/Codes/google/grpc/src/ruby
  specs:
    grpc (0.5.0)
      google-protobuf (~> 3.0.0alpha.1.1)
      googleauth (~> 0.1)
      logging (~> 1.8)
      minitest (~> 5.4)
      xray (~> 1.1)

GEM
  remote: https://rubygems.org/
  specs:
    addressable (2.3.7)
    extlib (0.9.16)
    faraday (0.9.1)
      multipart-post (>= 1.2, < 3)
    google-protobuf (3.0.0.alpha.2.0)
    googleauth (0.4.0)
      faraday (~> 0.9)
      jwt (~> 1.4)
      logging (~> 1.8)
      memoist (~> 0.11)
      multi_json (= 1.11)
      signet (~> 0.6)
    jwt (1.4.1)
    little-plugger (1.1.3)
    logging (1.8.2)
      little-plugger (>= 1.1.3)
      multi_json (>= 1.8.4)
    memoist (0.11.0)
    minitest (5.5.1)
    multi_json (1.11.0)
    multipart-post (2.0.0)
    signet (0.6.0)
      addressable (~> 2.3)
      extlib (~> 0.9)
      faraday (~> 0.9)
      jwt (~> 1.0)
      multi_json (~> 1.10)
    xray (1.1)

PLATFORMS
  ruby

DEPENDENCIES
  grpc!
